GEM
  remote: http://rubygems.org/
  specs:
    addressable (2.3.3)
    haml (4.0.0)
      tilt
    launchy (2.2.0)
      addressable (~> 2.3)
    nokogiri (1.5.6)
    nokogiri (1.5.6-x86-mingw32)
    rack (1.5.2)
    rack-protection (1.4.0)
      rack
    sinatra (1.3.5)
      rack (~> 1.4)
      rack-protection (~> 1.3)
      tilt (~> 1.3, >= 1.3.3)
    tilt (1.3.5)

PLATFORMS
  ruby
  x86-mingw32

DEPENDENCIES
  haml
  launchy
  nokogiri
  sinatra
